GEM
  remote: https://rubygems.org/
  specs:
    map (6.3.0)
    thor (0.17.0)

PLATFORMS
  ruby

DEPENDENCIES
  map
  thor
